NUGET
  remote: https://www.nuget.org/api/v2
    Extended.Wpf.Toolkit (2.6)
    gong-wpf-dragdrop (0.1.4.3)
      WPFToolkit (>= 3.5.50211.1) - framework: net35
    System.Windows.Interactivity.WPF (2.0.20525)
    WPFToolkit (3.5.50211.1) - framework: net35
